GEM
  remote: http://rubygems.org/
  specs:
    daemons (1.2.4)
    faraday (0.12.1)
      multipart-post (>= 1.2, < 3)
    faraday_middleware (0.11.0.1)
      faraday (>= 0.7.4, < 1.0)
    json (2.1.0)
    multipart-post (2.0.0)
    newrelic_plugin (1.3.1)
      json
    rabbitmq_manager (0.1.0)
      faraday
      faraday_middleware
    redis (3.3.3)

PLATFORMS
  ruby

DEPENDENCIES
  daemons
  newrelic_plugin
  rabbitmq_manager (~> 0.1.0)
  redis

BUNDLED WITH
   1.14.6
